PATH
  remote: .
  specs:
    teen_wolf (0.0.1)
      bundler (~> 1.1.4)
      nokogiri (~> 1.5.1)
      rake (~> 0.9.2.2)

GEM
  remote: https://rubygems.org/
  specs:
    ansi (1.4.3)
    builder (3.0.0)
    cucumber (1.2.1)
      builder (>= 2.1.2)
      diff-lcs (>= 1.1.3)
      gherkin (~> 2.11.0)
      json (>= 1.4.6)
    diff-lcs (1.1.3)
    ffi (1.1.5)
    gherkin (2.11.2)
      json (>= 1.4.6)
    guard (1.3.2)
      listen (>= 0.4.2)
      thor (>= 0.14.6)
    guard-cucumber (1.2.0)
      cucumber (>= 1.2.0)
      guard (>= 1.1.0)
    guard-rspec (1.2.1)
      guard (>= 1.1)
    json (1.7.7)
    listen (0.4.7)
      rb-fchange (~> 0.0.5)
      rb-fsevent (~> 0.9.1)
      rb-inotify (~> 0.8.8)
    nokogiri (1.8.2)
    rake (0.9.2.2)
    rb-fchange (0.0.5)
      ffi
    rb-fsevent (0.9.1)
    rb-inotify (0.8.8)
      ffi (>= 0.5.0)
    rspec (2.11.0)
      rspec-core (~> 2.11.0)
      rspec-expectations (~> 2.11.0)
      rspec-mocks (~> 2.11.0)
    rspec-core (2.11.1)
    rspec-expectations (2.11.2)
      diff-lcs (~> 1.1.3)
    rspec-mocks (2.11.2)
    thor (0.16.0)
    turn (0.9.6)
      ansi

PLATFORMS
  ruby

DEPENDENCIES
  cucumber (~> 1.2.1)
  guard (~> 1.3.2)
  guard-cucumber (~> 1.2.0)
  guard-rspec (~> 1.2.1)
  rb-fsevent (~> 0.9.1)
  rspec (~> 2.11.0)
  teen_wolf!
  turn (~> 0.9.6)
